GIT
  remote: git://github.com/activefx/mongoid_nested_set.git
  revision: ad7174760e4e0ac9e0c76b6fc14f9bb43e475eb6
  specs:
    mongoid_nested_set (0.1.2)
      mongoid (~> 2.1)

GIT
  remote: git://github.com/evansagge/mongoid-rspec.git
  revision: 3d90785c7410169551db12a7a56e704274506a9f
  specs:
    mongoid-rspec (1.4.4)
      mongoid (~> 2.0)
      rake (~> 0.9.2)
      rspec (~> 2)

GIT
  remote: git://github.com/mauriciozaffari/mongoid_search.git
  revision: cf7914eaffecd88d53a2252d436510231dcea27e
  specs:
    mongoid_search (0.2.7)
      bson_ext (>= 1.2)
      fast-stemmer (~> 1.0.0)
      mongoid (>= 2.0.0)

GIT
  remote: git://github.com/intridea/omniauth.git
  revision: 5c560cb48c37684ff151605fe5639d3d93ab6fb7
  specs:
    oa-basic (0.2.1)
      multi_json (~> 0.0.2)
      nokogiri (~> 1.4.2)
      oa-core (= 0.2.1)
      rest-client (~> 1.6.0)
    oa-core (0.2.1)
      rack (~> 1.1)
    oa-enterprise (0.2.1)
      net-ldap (~> 0.1.1)
      nokogiri (~> 1.4.2)
      oa-core (= 0.2.1)
      pyu-ruby-sasl (~> 0.0.3.1)
      rubyntlm (~> 0.1.1)
    oa-more (0.2.1)
      multi_json (~> 0.0.2)
      oa-core (= 0.2.1)
      rest-client (~> 1.6.0)
    oa-oauth (0.2.1)
      multi_json (~> 0.0.2)
      nokogiri (~> 1.4.2)
      oa-core (= 0.2.1)
      oauth (~> 0.4.0)
      oauth2 (~> 0.2.0)
    oa-openid (0.2.1)
      oa-core (= 0.2.1)
      rack-openid (~> 1.2.0)
      ruby-openid-apps-discovery
    omniauth (0.2.1)
      oa-basic (= 0.2.1)
      oa-core (= 0.2.1)
      oa-enterprise (= 0.2.1)
      oa-more (= 0.2.1)
      oa-oauth (= 0.2.1)
      oa-openid (= 0.2.1)

GIT
  remote: git://github.com/jnicklas/capybara.git
  revision: 4483061ccc32c34345e84685e8ed43870e7a8693
  specs:
    capybara (0.4.1.1)
      mime-types (>= 1.16)
      nokogiri (>= 1.3.3)
      rack (>= 1.0.0)
      rack-test (>= 0.5.4)
      selenium-webdriver (>= 0.0.27)
      xpath (~> 0.1.3)

GIT
  remote: git://github.com/mongoid/mongoid.git
<<<<<<< HEAD
  revision: 8a9ecfc3244d968b510e9a3232116dd47a690a03
  specs:
    mongoid (2.0.1)
      activemodel (~> 3.0)
      mongo (~> 1.3)
      tzinfo (~> 0.3.22)

GIT
  remote: git://github.com/plataformatec/devise.git
  revision: 3940846d7929411afb27cf15af3be346c7ca85fe
  specs:
    devise (1.3.0.dev)
      bcrypt-ruby (~> 2.1.2)
      orm_adapter (~> 0.0.3)
      warden (~> 1.0.3)
=======
  revision: 92d5854d5ab4e067ba6c3ef41195213fac0aa17f
  specs:
    mongoid (2.1.8)
      activemodel (~> 3.0)
      mongo (~> 1.3)
      tzinfo (~> 0.3.22)
>>>>>>> mongoid

PATH
  remote: .
  specs:
<<<<<<< HEAD
    refinerycms (0.9.9.8)
      bundler (~> 1.0.10)
      rails (~> 3.0.7.rc2)
      refinerycms-authentication (~> 0.9.9.8)
      refinerycms-base (~> 0.9.9.8)
      refinerycms-core (~> 0.9.9.8)
      refinerycms-dashboard (~> 0.9.9.8)
      refinerycms-images (~> 0.9.9.8)
      refinerycms-pages (~> 0.9.9.8)
      refinerycms-resources (~> 0.9.9.8)
      refinerycms-settings (~> 0.9.9.8)
      thor

PATH
  remote: ../refinerycms-generators
  specs:
    refinerycms-generators (1.0.0)

PATH
  remote: authentication
  specs:
    refinerycms-authentication (0.9.9.8)
      devise (~> 1.2.rc)
      oa-oauth
      omniauth (>= 0.2.0.beta3)
      refinerycms-core (~> 0.9.9.8)

PATH
  remote: base
  specs:
    refinerycms-base (0.9.9.8)

PATH
  remote: core
  specs:
    refinerycms-core (0.9.9.8)
      app (>= 1.0.3)
      dragonfly (~> 0.8.2)
      haml (>= 3.0.25)
      haml-rails (>= 0.3.4)
      mongoid (~> 2.0.1)
      mongoid_nested_set (~> 0.1.2)
      mongoid_search (~> 0.1.2)
      mongoid_slug (~> 0.7.2)
      rails (~> 3.0.5)
      rdoc (>= 2.5.11)
      refinerycms-base (~> 0.9.9.8)
      refinerycms-generators (>= 0.9.9.3)
      refinerycms-settings (~> 0.9.9.8)
      show_for (>= 0.2.4)
      truncate_html (~> 0.5)
      will_paginate (~> 3.0.pre)

PATH
  remote: dashboard
  specs:
    refinerycms-dashboard (0.9.9.8)
      refinerycms-core (~> 0.9.9.8)

PATH
  remote: images
  specs:
    refinerycms-images (0.9.9.8)
      dragonfly (~> 0.8.2)
      rack-cache (>= 0.5.3)
      refinerycms-core (~> 0.9.9.8)

PATH
  remote: pages
  specs:
    refinerycms-pages (0.9.9.8)
      refinerycms-core (~> 0.9.9.8)

PATH
  remote: resources
  specs:
    refinerycms-resources (0.9.9.8)
      dragonfly (~> 0.8.2)
      rack-cache (>= 0.5.3)
      refinerycms-core (~> 0.9.9.8)

PATH
  remote: settings
  specs:
    refinerycms-settings (0.9.9.8)
      refinerycms-base (~> 0.9.9.8)

PATH
  remote: testing
  specs:
    refinerycms-testing (0.9.9.8)
      ZenTest
      autotest
      autotest-notification
      autotest-rails-pure
      capybara (>= 0.4.1.1)
      cucumber
      cucumber-rails
=======
    refinerycms (1.0.4)
      bundler (~> 1.0)
      refinerycms-authentication (= 1.0.4)
      refinerycms-base (= 1.0.4)
      refinerycms-core (= 1.0.4)
      refinerycms-dashboard (= 1.0.4)
      refinerycms-images (= 1.0.4)
      refinerycms-pages (= 1.0.4)
      refinerycms-resources (= 1.0.4)
      refinerycms-settings (= 1.0.4)
    refinerycms-authentication (1.0.4)
      devise (~> 1.3.0)
      refinerycms-core (~> 1.0.4)
    refinerycms-base (1.0.4)
    refinerycms-core (1.0.4)
      dragonfly (~> 0.9.0)
      mongoid (~> 2.1.8)
      mongoid_nested_set (~> 0.1.2)
      mongoid_search (~> 0.2.7)
      mongoid_slug (~> 0.8.2)
      rails (~> 3.0.10)
      refinerycms-base (~> 1.0.4)
      refinerycms-generators (~> 1.0)
      refinerycms-settings (~> 1.0.4)
      truncate_html (~> 0.5)
      will_paginate (= 3.0.pre2)
    refinerycms-dashboard (1.0.4)
      refinerycms-core (= 1.0.4)
    refinerycms-images (1.0.4)
      dragonfly (~> 0.9.0)
      rack-cache (>= 0.5.3)
      refinerycms-core (= 1.0.4)
    refinerycms-pages (1.0.4)
      mongoid_nested_set (~> 0.1.2)
      mongoid_slug (~> 0.8.2)
      refinerycms-core (= 1.0.4)
      seo_meta (~> 1.1)
    refinerycms-resources (1.0.4)
      dragonfly (~> 0.9.0)
      rack-cache (>= 0.5.3)
      refinerycms-core (= 1.0.4)
    refinerycms-settings (1.0.4)
      refinerycms-base (= 1.0.4)
    refinerycms-testing (1.0.4)
      autotest
      autotest-notification
      autotest-rails
      capybara (~> 1.0.0)
      cucumber-rails (~> 1.0.0)
>>>>>>> mongoid
      database_cleaner
      factory_girl
      fuubar
      json_pure
      launchy
<<<<<<< HEAD
      mongoid-rspec (>= 1.3.2)
      mynyml-redgreen
      rack-test (~> 0.5.6)
      refinerycms-core (~> 0.9.9.8)
      rspec-rails (~> 2.5)
      spork (>= 0.9.0.rc)
=======
      mongoid-rspec (~> 1.4.4)
      rack-test (>= 0.5.6)
      refinerycms-core (= 1.0.4)
      rspec-instafail
      rspec-rails (~> 2.6)
>>>>>>> mongoid

GEM
  remote: http://rubygems.org/
  specs:
    ZenTest (4.6.1)
    abstract (1.0.0)
<<<<<<< HEAD
    actionmailer (3.0.7.rc2)
      actionpack (= 3.0.7.rc2)
      mail (~> 2.2.15)
    actionpack (3.0.7.rc2)
      activemodel (= 3.0.7.rc2)
      activesupport (= 3.0.7.rc2)
=======
    actionmailer (3.0.10)
      actionpack (= 3.0.10)
      mail (~> 2.2.19)
    actionpack (3.0.10)
      activemodel (= 3.0.10)
      activesupport (= 3.0.10)
>>>>>>> mongoid
      builder (~> 2.1.2)
      erubis (~> 2.6.6)
      i18n (~> 0.5.0)
      rack (~> 1.2.1)
      rack-mount (~> 0.6.14)
      rack-test (~> 0.5.7)
      tzinfo (~> 0.3.23)
<<<<<<< HEAD
    activemodel (3.0.7.rc2)
      activesupport (= 3.0.7.rc2)
      builder (~> 2.1.2)
      i18n (~> 0.5.0)
    activerecord (3.0.7.rc2)
      activemodel (= 3.0.7.rc2)
      activesupport (= 3.0.7.rc2)
      arel (~> 2.0.2)
      tzinfo (~> 0.3.23)
    activeresource (3.0.7.rc2)
      activemodel (= 3.0.7.rc2)
      activesupport (= 3.0.7.rc2)
    activesupport (3.0.7.rc2)
    addressable (2.2.5)
    app (1.0.3)
    archive-tar-minitar (0.5.2)
    arel (2.0.10)
    aruba (0.3.6)
      childprocess (>= 0.1.7)
      cucumber (>= 0.10.0)
      rspec (>= 2.5.0)
    autotest (4.4.6)
      ZenTest (>= 4.4.1)
    autotest-notification (2.3.1)
      autotest (~> 4.3)
    autotest-rails-pure (4.1.2)
    bcrypt-ruby (2.1.4)
    bson (1.3.0)
    bson_ext (1.3.0)
    builder (2.1.2)
    childprocess (0.1.8)
      ffi (~> 1.0.6)
    columnize (0.3.2)
    configuration (1.3.1)
    cucumber (0.10.2)
      builder (>= 2.1.2)
      diff-lcs (>= 1.1.2)
      gherkin (>= 2.3.5)
      json (>= 1.4.6)
      term-ansicolor (>= 1.0.5)
    cucumber-rails (0.4.1)
      cucumber (>= 0.10.1)
      nokogiri (>= 1.4.4)
      rack-test (>= 0.5.7)
    database_cleaner (0.6.7)
    diff-lcs (1.1.2)
    dragonfly (0.8.5)
      rack
    erubis (2.6.6)
      abstract (>= 1.0.0)
    factory_girl (1.3.3)
    faraday (0.6.1)
      addressable (~> 2.2.4)
      multipart-post (~> 1.1.0)
      rack (>= 1.1.0, < 2)
    ffi (1.0.7)
      rake (>= 0.8.7)
    gherkin (2.3.5)
      json (>= 1.4.6)
    git (1.2.5)
    haml (3.0.25)
    haml-rails (0.3.4)
      actionpack (~> 3.0)
      activesupport (~> 3.0)
      haml (~> 3.0)
      railties (~> 3.0)
    i18n (0.5.0)
    jeweler (1.5.2)
      bundler (~> 1.0.0)
      git (>= 1.2.5)
      rake
    json (1.5.1)
    json_pure (1.5.1)
    launchy (0.4.0)
      configuration (>= 0.0.5)
      rake (>= 0.8.1)
=======
    activemodel (3.0.10)
      activesupport (= 3.0.10)
      builder (~> 2.1.2)
      i18n (~> 0.5.0)
    activerecord (3.0.10)
      activemodel (= 3.0.10)
      activesupport (= 3.0.10)
      arel (~> 2.0.10)
      tzinfo (~> 0.3.23)
    activeresource (3.0.10)
      activemodel (= 3.0.10)
      activesupport (= 3.0.10)
    activesupport (3.0.10)
    addressable (2.2.6)
    archive-tar-minitar (0.5.2)
    arel (2.0.10)
    autotest (4.4.6)
      ZenTest (>= 4.4.1)
    autotest-notification (2.3.3)
      autotest-standalone (~> 4.5)
    autotest-rails (4.1.0)
      ZenTest
    autotest-standalone (4.5.5)
    bcrypt-ruby (2.1.4)
    bson (1.3.1)
    bson_ext (1.3.1)
    builder (2.1.2)
    capybara (1.0.1)
      mime-types (>= 1.16)
      nokogiri (>= 1.3.3)
      rack (>= 1.0.0)
      rack-test (>= 0.5.4)
      selenium-webdriver (~> 2.0)
      xpath (~> 0.1.4)
    childprocess (0.2.1)
      ffi (~> 1.0.6)
    columnize (0.3.4)
    cucumber (1.0.2)
      builder (>= 2.1.2)
      diff-lcs (>= 1.1.2)
      gherkin (~> 2.4.5)
      json (>= 1.4.6)
      term-ansicolor (>= 1.0.5)
    cucumber-rails (1.0.2)
      capybara (>= 1.0.0)
      cucumber (~> 1.0.0)
      nokogiri (>= 1.4.6)
    database_cleaner (0.6.7)
    devise (1.3.4)
      bcrypt-ruby (~> 2.1.2)
      orm_adapter (~> 0.0.3)
      warden (~> 1.0.3)
    diff-lcs (1.1.2)
    dragonfly (0.9.5)
      rack
    erubis (2.6.6)
      abstract (>= 1.0.0)
    factory_girl (2.0.4)
    fast-stemmer (1.0.0)
    ffi (1.0.9)
    fuubar (0.0.6)
      rspec (~> 2.0)
      rspec-instafail (~> 0.1.8)
      ruby-progressbar (~> 0.0.10)
    gherkin (2.4.11)
      json (>= 1.4.6)
    i18n (0.5.0)
    json (1.5.3)
    json_pure (1.5.3)
    launchy (2.0.5)
      addressable (~> 2.2.6)
>>>>>>> mongoid
    linecache19 (0.5.12)
      ruby_core_source (>= 0.1.4)
    mail (2.2.19)
      activesupport (>= 2.3.6)
      i18n (>= 0.4.0)
      mime-types (~> 1.16)
      treetop (~> 1.4.8)
    mime-types (1.16)
<<<<<<< HEAD
    mongo (1.3.0)
      bson (>= 1.3.0)
    mongoid_slug (0.7.2)
      mongoid (~> 2.0.0)
      stringex (~> 1.2.0)
    multi_json (0.0.5)
    multipart-post (1.1.0)
    mynyml-redgreen (0.7.1)
      term-ansicolor (>= 1.0.4)
    net-ldap (0.1.1)
    nokogiri (1.4.4)
    oauth (0.4.4)
    oauth2 (0.2.0)
      faraday (~> 0.6.0)
      multi_json (~> 0.0.4)
    orm_adapter (0.0.4)
    polyglot (0.3.1)
    pyu-ruby-sasl (0.0.3.2)
    rack (1.2.2)
=======
    mongo (1.3.1)
      bson (>= 1.3.1)
    mongoid_slug (0.8.2)
      mongoid (~> 2.0)
      stringex (~> 1.2)
    mysql2 (0.2.13)
    nokogiri (1.5.0)
    orm_adapter (0.0.5)
    polyglot (0.3.2)
    rack (1.2.3)
>>>>>>> mongoid
    rack-cache (1.0.2)
      rack (>= 0.4)
    rack-mount (0.6.14)
      rack (>= 1.0.0)
    rack-openid (1.2.0)
      rack (>= 1.1.0)
      ruby-openid (>= 2.1.8)
    rack-test (0.5.7)
      rack (>= 1.0)
<<<<<<< HEAD
    rails (3.0.7.rc2)
      actionmailer (= 3.0.7.rc2)
      actionpack (= 3.0.7.rc2)
      activerecord (= 3.0.7.rc2)
      activeresource (= 3.0.7.rc2)
      activesupport (= 3.0.7.rc2)
      bundler (~> 1.0)
      railties (= 3.0.7.rc2)
    railties (3.0.7.rc2)
      actionpack (= 3.0.7.rc2)
      activesupport (= 3.0.7.rc2)
=======
    rails (3.0.10)
      actionmailer (= 3.0.10)
      actionpack (= 3.0.10)
      activerecord (= 3.0.10)
      activeresource (= 3.0.10)
      activesupport (= 3.0.10)
      bundler (~> 1.0)
      railties (= 3.0.10)
    railties (3.0.10)
      actionpack (= 3.0.10)
      activesupport (= 3.0.10)
>>>>>>> mongoid
      rake (>= 0.8.7)
      rdoc (~> 3.4)
      thor (~> 0.14.4)
<<<<<<< HEAD
    rake (0.8.7)
    rcov (0.9.9)
    rdoc (3.6.1)
    rest-client (1.6.1)
      mime-types (>= 1.16)
    rspec (2.5.0)
      rspec-core (~> 2.5.0)
      rspec-expectations (~> 2.5.0)
      rspec-mocks (~> 2.5.0)
    rspec-core (2.5.1)
    rspec-expectations (2.5.0)
=======
    rake (0.9.2)
    rcov (0.9.10)
    rdoc (3.9.2)
    refinerycms-generators (1.0.3)
    rspec (2.6.0)
      rspec-core (~> 2.6.0)
      rspec-expectations (~> 2.6.0)
      rspec-mocks (~> 2.6.0)
    rspec-core (2.6.4)
    rspec-expectations (2.6.0)
>>>>>>> mongoid
      diff-lcs (~> 1.1.2)
    rspec-instafail (0.1.8)
    rspec-mocks (2.6.0)
    rspec-rails (2.6.1)
      actionpack (~> 3.0)
      activesupport (~> 3.0)
      railties (~> 3.0)
<<<<<<< HEAD
      rspec (~> 2.5.0)
=======
      rspec (~> 2.6.0)
>>>>>>> mongoid
    ruby-debug-base19 (0.11.25)
      columnize (>= 0.3.1)
      linecache19 (>= 0.5.11)
      ruby_core_source (>= 0.1.4)
    ruby-debug19 (0.11.6)
      columnize (>= 0.3.1)
      linecache19 (>= 0.5.11)
      ruby-debug-base19 (>= 0.11.19)
<<<<<<< HEAD
    ruby-openid (2.1.8)
    ruby-openid-apps-discovery (1.2.0)
      ruby-openid (>= 2.1.7)
=======
    ruby-progressbar (0.0.10)
>>>>>>> mongoid
    ruby_core_source (0.1.5)
      archive-tar-minitar (>= 0.5.2)
    rubyntlm (0.1.1)
    rubyzip (0.9.4)
<<<<<<< HEAD
    selenium-webdriver (0.1.4)
      childprocess (>= 0.1.7)
      ffi (>= 1.0.7)
      json_pure
      rubyzip
    show_for (0.2.4)
    spork (0.9.0.rc5)
    stringex (1.2.1)
    term-ansicolor (1.0.5)
=======
    selenium-webdriver (2.4.0)
      childprocess (>= 0.2.1)
      ffi (>= 1.0.7)
      json_pure
      rubyzip
    seo_meta (1.1.1)
      refinerycms-generators (~> 1.0.1)
    simplecov (0.4.2)
      simplecov-html (~> 0.4.4)
    simplecov-html (0.4.5)
    sqlite3 (1.3.4)
    stringex (1.3.0)
    term-ansicolor (1.0.6)
>>>>>>> mongoid
    thor (0.14.6)
    treetop (1.4.10)
      polyglot
      polyglot (>= 0.3.1)
    truncate_html (0.5.1)
<<<<<<< HEAD
    tzinfo (0.3.26)
    warden (1.0.3)
      rack (>= 1.0.0)
=======
    tzinfo (0.3.29)
    warden (1.0.5)
      rack (>= 1.0)
>>>>>>> mongoid
    will_paginate (3.0.pre2)
    xpath (0.1.4)
      nokogiri (~> 1.3)

PLATFORMS
  ruby

DEPENDENCIES
<<<<<<< HEAD
  aruba
  bson_ext (>= 1.2.1)
  bundler (>= 1.0.0)
  capybara!
  cucumber
  devise!
  jeweler (>= 1.5.2)
  mongoid!
=======
  bson_ext (>= 1.3)
  devise (~> 1.3.0)
  mongoid (>= 2.1.8)!
>>>>>>> mongoid
  mongoid-rspec!
  mongoid_nested_set!
  mongoid_search!
  mongoid_slug
<<<<<<< HEAD
  mynyml-redgreen
  oa-oauth
  oa-openid
  omniauth!
  rcov
  refinerycms!
  refinerycms-authentication!
  refinerycms-base!
  refinerycms-core!
  refinerycms-dashboard!
  refinerycms-generators!
  refinerycms-images!
  refinerycms-pages!
  refinerycms-resources!
  refinerycms-settings!
  refinerycms-testing!
  rspec (>= 2.0.0)
=======
  mysql2 (~> 0.2.7)
  rcov
  refinerycms!
  refinerycms-testing (~> 1.0.4)
>>>>>>> mongoid
  ruby-debug19
  simplecov
  sqlite3
