GIT
  remote: git://github.com/activefx/mongoid_nested_set.git
  revision: f8bc134d5791e11d63e03e40cd75a0c32a32d411
  specs:
    mongoid_nested_set (0.1.2)
      mongoid (>= 2.0.0.beta.20)

GIT
  remote: git://github.com/activefx/mongoid_search_relevant.git
  revision: d9fed60e5698cf6f3d3e75f9f41a53412a9c43ba
  specs:
    mongoid_search (0.1.2)
      mongoid (~> 2.0.0.beta)

GIT
  remote: git://github.com/durran/mongoid-rspec.git
  revision: d08cde221fd07e5c4cb8ee3b5ad71c1ecc305236
  specs:
    mongoid-rspec (1.3.2)
      mongoid (~> 2.0.0.rc.7)
      mongoid-rspec
      rspec (~> 2)

GIT
  remote: git://github.com/mongoid/mongoid.git
  revision: b425f2035169b6a98bc6df1db7ca58f0f9b3dadc
  specs:
    mongoid (2.0.0.rc.7)
      activemodel (~> 3.0)
      mongo (~> 1.2)
      tzinfo (~> 0.3.22)
      will_paginate (~> 3.0.pre)

GIT
  remote: git://github.com/plataformatec/devise.git
  revision: 42d002702c65b58b21ee2b35bbc9aa1e8fb51c1d
  specs:
    devise (1.2.rc)
      bcrypt-ruby (~> 2.1.2)
      orm_adapter (~> 0.0.3)
      warden (~> 1.0.3)

PATH
  remote: .
  specs:
    refinerycms (0.9.9.3)
      bundler (~> 1.0.10)
      refinerycms-authentication (~> 0.9.9.3)
      refinerycms-base (~> 0.9.9.3)
      refinerycms-core (~> 0.9.9.3)
      refinerycms-dashboard (~> 0.9.9.3)
      refinerycms-images (~> 0.9.9.3)
      refinerycms-pages (~> 0.9.9.3)
      refinerycms-resources (~> 0.9.9.3)
      refinerycms-settings (~> 0.9.9.3)

GEM
  remote: http://rubygems.org/
  specs:
    abstract (1.0.0)
    actionmailer (3.0.4)
      actionpack (= 3.0.4)
      mail (~> 2.2.15)
    actionpack (3.0.4)
      activemodel (= 3.0.4)
      activesupport (= 3.0.4)
      builder (~> 2.1.2)
      erubis (~> 2.6.6)
      i18n (~> 0.4)
      rack (~> 1.2.1)
      rack-mount (~> 0.6.13)
      rack-test (~> 0.5.7)
      tzinfo (~> 0.3.23)
    activemodel (3.0.4)
      activesupport (= 3.0.4)
      builder (~> 2.1.2)
      i18n (~> 0.4)
    activerecord (3.0.4)
      activemodel (= 3.0.4)
      activesupport (= 3.0.4)
      arel (~> 2.0.2)
      tzinfo (~> 0.3.23)
    activeresource (3.0.4)
      activemodel (= 3.0.4)
      activesupport (= 3.0.4)
    activesupport (3.0.4)
    acts_as_indexed (0.7.1)
    addressable (2.2.4)
    archive-tar-minitar (0.5.2)
    arel (2.0.8)
    babosa (0.2.2)
    bcrypt-ruby (2.1.4)
    bson (1.2.4)
    bson_ext (1.2.4)
    builder (2.1.2)
    columnize (0.3.2)
    diff-lcs (1.1.2)
    dragonfly (0.8.2)
      rack
    erubis (2.6.6)
      abstract (>= 1.0.0)
    faraday (0.5.6)
      addressable (~> 2.2.4)
      multipart-post (~> 1.1.0)
      rack (>= 1.1.0, < 2)
    friendly_id_globalize3 (3.2.1)
      babosa (~> 0.2.1)
    globalize3 (0.1.0.beta)
      activemodel (>= 3.0.0)
      activerecord (>= 3.0.0)
    i18n (0.5.0)
    linecache19 (0.5.11)
      ruby_core_source (>= 0.1.4)
    mail (2.2.15)
      activesupport (>= 2.3.6)
      i18n (>= 0.4.0)
      mime-types (~> 1.16)
      treetop (~> 1.4.8)
    mime-types (1.16)
    mongo (1.2.4)
      bson (>= 1.2.4)
    mongoid_slug (0.6.3)
      mongoid (~> 2.0.0.rc.7)
      stringex (~> 1.2.0)
    moretea-awesome_nested_set (1.4.3.1)
      activerecord (~> 3.0.0)
    multi_json (0.0.5)
    multipart-post (1.1.0)
    mynyml-redgreen (0.7.1)
      term-ansicolor (>= 1.0.4)
    nokogiri (1.4.4)
    oa-core (0.1.6)
      rack (~> 1.1)
    oa-oauth (0.1.6)
      multi_json (~> 0.0.2)
      nokogiri (~> 1.4.2)
      oa-core (= 0.1.6)
      oauth (~> 0.4.0)
      oauth2 (~> 0.1.0)
    oauth (0.4.4)
    oauth2 (0.1.1)
      faraday (~> 0.5.0)
      multi_json (~> 0.0.4)
    orm_adapter (0.0.4)
    polyglot (0.3.1)
    rack (1.2.1)
    rack-cache (1.0)
      rack (>= 0.4)
    rack-mount (0.6.13)
      rack (>= 1.0.0)
    rack-test (0.5.7)
      rack (>= 1.0)
    rails (3.0.4)
      actionmailer (= 3.0.4)
      actionpack (= 3.0.4)
      activerecord (= 3.0.4)
      activeresource (= 3.0.4)
      activesupport (= 3.0.4)
      bundler (~> 1.0)
      railties (= 3.0.4)
    railties (3.0.4)
      actionpack (= 3.0.4)
      activesupport (= 3.0.4)
      rake (>= 0.8.7)
      thor (~> 0.14.4)
    rake (0.8.7)
    rdoc (3.5.3)
    refinerycms-authentication (0.9.9.4)
      devise (~> 1.1)
      refinerycms-core (~> 0.9.9.4)
    refinerycms-base (0.9.9.4)
    refinerycms-core (0.9.9.4)
      acts_as_indexed (~> 0.7)
      friendly_id_globalize3 (~> 3.2.0)
      globalize3 (>= 0.1.0.beta)
      moretea-awesome_nested_set (= 1.4.3.1)
      rails (~> 3.0.3)
      rdoc (>= 2.5.11)
      refinerycms-base (~> 0.9.9.4)
      refinerycms-generators (~> 0.9.9.3)
      refinerycms-settings (~> 0.9.9.4)
      truncate_html (~> 0.5)
      will_paginate (~> 3.0.pre)
    refinerycms-dashboard (0.9.9.4)
      refinerycms-core (~> 0.9.9.4)
    refinerycms-generators (0.9.9.5)
    refinerycms-images (0.9.9.4)
      dragonfly (~> 0.8.2)
      rack-cache (>= 0.5.3)
      refinerycms-core (~> 0.9.9.4)
    refinerycms-pages (0.9.9.4)
      refinerycms-core (~> 0.9.9.4)
    refinerycms-resources (0.9.9.4)
      dragonfly (~> 0.8.2)
      rack-cache (>= 0.5.3)
      refinerycms-core (~> 0.9.9.4)
    refinerycms-settings (0.9.9.4)
      refinerycms-base (~> 0.9.9.4)
    rspec (2.5.0)
      rspec-core (~> 2.5.0)
      rspec-expectations (~> 2.5.0)
      rspec-mocks (~> 2.5.0)
    rspec-core (2.5.1)
    rspec-expectations (2.5.0)
      diff-lcs (~> 1.1.2)
    rspec-mocks (2.5.0)
    ruby-debug-base19 (0.11.24)
      columnize (>= 0.3.1)
      linecache19 (>= 0.5.11)
      ruby_core_source (>= 0.1.4)
    ruby-debug19 (0.11.6)
      columnize (>= 0.3.1)
      linecache19 (>= 0.5.11)
      ruby-debug-base19 (>= 0.11.19)
    ruby_core_source (0.1.4)
      archive-tar-minitar (>= 0.5.2)
    stringex (1.2.0)
    term-ansicolor (1.0.5)
    thor (0.14.6)
    treetop (1.4.9)
      polyglot (>= 0.3.1)
    truncate_html (0.5.0)
    tzinfo (0.3.24)
    warden (1.0.3)
      rack (>= 1.0.0)
    will_paginate (3.0.pre2)

PLATFORMS
  ruby

DEPENDENCIES
  bson_ext (>= 1.2.1)
  devise!
  mongoid!
  mongoid-rspec!
  mongoid_nested_set!
  mongoid_search!
  mongoid_slug
  mynyml-redgreen
  oa-oauth
  refinerycms!
  ruby-debug19
