GIT
  remote: git://github.com/activefx/mongoid_nested_set.git
  revision: f8bc134d5791e11d63e03e40cd75a0c32a32d411
  specs:
    mongoid_nested_set (0.1.2)
      mongoid (>= 2.0.0.beta.20)

GIT
  remote: git://github.com/activefx/mongoid_search_relevant.git
  revision: d9fed60e5698cf6f3d3e75f9f41a53412a9c43ba
  specs:
    mongoid_search (0.1.2)
      mongoid (~> 2.0.0.beta)

GIT
  remote: git://github.com/durran/mongoid-rspec.git
  revision: d08cde221fd07e5c4cb8ee3b5ad71c1ecc305236
  specs:
    mongoid-rspec (1.3.2)
      mongoid (~> 2.0.0.rc.7)
      mongoid-rspec
      rspec (~> 2)

GIT
  remote: git://github.com/intridea/omniauth.git
  revision: 28a4a3429f85a7b2eb8e6022af82f2bc978bf0b3
  specs:
    oa-basic (0.2.0.beta5)
      multi_json (~> 0.0.2)
      nokogiri (~> 1.4.2)
      oa-core (= 0.2.0.beta5)
      rest-client (~> 1.6.0)
    oa-core (0.2.0.beta5)
      rack (~> 1.1)
    oa-enterprise (0.2.0.beta5)
      net-ldap (~> 0.1.1)
      nokogiri (~> 1.4.2)
      oa-core (= 0.2.0.beta5)
      pyu-ruby-sasl (~> 0.0.3.1)
      rubyntlm (~> 0.1.1)
    oa-more (0.2.0.beta5)
      multi_json (~> 0.0.2)
      oa-core (= 0.2.0.beta5)
      rest-client (~> 1.6.0)
    oa-oauth (0.2.0.beta5)
      multi_json (~> 0.0.2)
      nokogiri (~> 1.4.2)
      oa-core (= 0.2.0.beta5)
      oauth (~> 0.4.0)
      oauth2 (~> 0.1.1)
    oa-openid (0.2.0.beta5)
      oa-core (= 0.2.0.beta5)
      rack-openid (~> 1.2.0)
      ruby-openid-apps-discovery
    omniauth (0.2.0.beta5)
      oa-basic (= 0.2.0.beta5)
      oa-core (= 0.2.0.beta5)
      oa-enterprise (= 0.2.0.beta5)
      oa-more (= 0.2.0.beta5)
      oa-oauth (= 0.2.0.beta5)
      oa-openid (= 0.2.0.beta5)

GIT
  remote: git://github.com/jnicklas/capybara.git
  revision: 1c22bbd33a5a47a12dc92e590a2e6b4585a07ce2
  specs:
    capybara (0.4.1.1)
      mime-types (>= 1.16)
      nokogiri (>= 1.3.3)
      rack (>= 1.0.0)
      rack-test (>= 0.5.4)
      selenium-webdriver (>= 0.0.27)
      xpath (~> 0.1.3)

GIT
  remote: git://github.com/mongoid/mongoid.git
  revision: 43613090487141d2ccc516cf53a46d273ebde2e7
  specs:
    mongoid (2.0.0.rc.7)
      activemodel (~> 3.0)
      mongo (~> 1.2)
      tzinfo (~> 0.3.22)
      will_paginate (~> 3.0.pre)

GIT
  remote: git://github.com/plataformatec/devise.git
  revision: 63b72cd512b14ebe5bbf48eb80d1aba39978735e
  specs:
    devise (1.2.rc)
      bcrypt-ruby (~> 2.1.2)
      orm_adapter (~> 0.0.3)
      warden (~> 1.0.3)

PATH
  remote: ../refinerycms-blog
  specs:
    refinerycms-blog (1.2)
      filters_spam (~> 0.2)
      refinerycms (~> 0.9.9.4)

PATH
  remote: ../refinerycms-generators
  specs:
    refinerycms-generators (0.9.9.4)

PATH
  remote: .
  specs:
    refinerycms (0.9.9.8)
      bundler (~> 1.0.10)
      rails (~> 3.0.0)
      refinerycms-authentication (~> 0.9.9.8)
      refinerycms-base (~> 0.9.9.8)
      refinerycms-core (~> 0.9.9.8)
      refinerycms-dashboard (~> 0.9.9.8)
      refinerycms-images (~> 0.9.9.8)
      refinerycms-pages (~> 0.9.9.8)
      refinerycms-resources (~> 0.9.9.8)
      refinerycms-settings (~> 0.9.9.8)
      thor

PATH
  remote: authentication
  specs:
    refinerycms-authentication (0.9.9.8)
      devise (~> 1.2.rc)
      oa-oauth
      omniauth (>= 0.2.0.beta3)
      refinerycms-core (~> 0.9.9.8)

PATH
  remote: base
  specs:
    refinerycms-base (0.9.9.8)

PATH
  remote: core
  specs:
    refinerycms-core (0.9.9.8)
      app (>= 1.0.3)
      dragonfly (~> 0.8.2)
      haml (>= 3.0.25)
      haml-rails (>= 0.3.4)
      mongoid (~> 2.0.0.rc.7)
      mongoid_nested_set (~> 0.1.2)
      mongoid_search (~> 0.1.2)
      mongoid_slug (~> 0.6.3)
      rails (~> 3.0.5)
      rdoc (>= 2.5.11)
      refinerycms-base (~> 0.9.9.8)
      refinerycms-generators (>= 0.9.9.3)
      refinerycms-settings (~> 0.9.9.8)
      show_for (>= 0.2.4)
      truncate_html (~> 0.5)
      will_paginate (~> 3.0.pre)

PATH
  remote: dashboard
  specs:
    refinerycms-dashboard (0.9.9.8)
      refinerycms-core (~> 0.9.9.8)

PATH
  remote: images
  specs:
    refinerycms-images (0.9.9.8)
      dragonfly (~> 0.8.2)
      rack-cache (>= 0.5.3)
      refinerycms-core (~> 0.9.9.8)

PATH
  remote: pages
  specs:
    refinerycms-pages (0.9.9.8)
      refinerycms-core (~> 0.9.9.8)

PATH
  remote: resources
  specs:
    refinerycms-resources (0.9.9.8)
      dragonfly (~> 0.8.2)
      rack-cache (>= 0.5.3)
      refinerycms-core (~> 0.9.9.8)

PATH
  remote: settings
  specs:
    refinerycms-settings (0.9.9.8)
      refinerycms-base (~> 0.9.9.8)

PATH
  remote: testing
  specs:
    refinerycms-testing (0.9.9.8)
      ZenTest
      autotest
      autotest-notification
      autotest-rails-pure
      capybara (>= 0.4.1.1)
      cucumber
      cucumber-rails
      database_cleaner
      factory_girl
      gherkin
      json_pure
      launchy
      mongoid-rspec (>= 1.3.2)
      mynyml-redgreen
      rack-test (~> 0.5.6)
      refinerycms-core (~> 0.9.9.8)
      rspec-rails (~> 2.5)
      spork (>= 0.9.0.rc)

GEM
  remote: http://rubygems.org/
  specs:
    ZenTest (4.5.0)
    abstract (1.0.0)
    actionmailer (3.0.5)
      actionpack (= 3.0.5)
      mail (~> 2.2.15)
    actionpack (3.0.5)
      activemodel (= 3.0.5)
      activesupport (= 3.0.5)
      builder (~> 2.1.2)
      erubis (~> 2.6.6)
      i18n (~> 0.4)
      rack (~> 1.2.1)
      rack-mount (~> 0.6.13)
      rack-test (~> 0.5.7)
      tzinfo (~> 0.3.23)
    activemodel (3.0.5)
      activesupport (= 3.0.5)
      builder (~> 2.1.2)
      i18n (~> 0.4)
    activerecord (3.0.5)
      activemodel (= 3.0.5)
      activesupport (= 3.0.5)
      arel (~> 2.0.2)
      tzinfo (~> 0.3.23)
    activeresource (3.0.5)
      activemodel (= 3.0.5)
      activesupport (= 3.0.5)
    activesupport (3.0.5)
    addressable (2.2.4)
    app (1.0.3)
    archive-tar-minitar (0.5.2)
    arel (2.0.9)
    aruba (0.2.7)
      background_process
      cucumber (~> 0.10.0)
    autotest (4.4.6)
      ZenTest (>= 4.4.1)
    autotest-notification (2.3.1)
      autotest (~> 4.3)
    autotest-rails-pure (4.1.2)
    background_process (1.2)
    bcrypt-ruby (2.1.4)
    bson (1.2.4)
    bson_ext (1.2.4)
    builder (2.1.2)
    childprocess (0.1.7)
      ffi (~> 0.6.3)
    columnize (0.3.2)
    configuration (1.2.0)
    cucumber (0.10.0)
      builder (>= 2.1.2)
      diff-lcs (~> 1.1.2)
      gherkin (~> 2.3.2)
      json (~> 1.4.6)
      term-ansicolor (~> 1.0.5)
    cucumber-rails (0.3.2)
      cucumber (>= 0.8.0)
    database_cleaner (0.6.5)
    diff-lcs (1.1.2)
    dragonfly (0.8.2)
      rack
    erubis (2.6.6)
      abstract (>= 1.0.0)
    factory_girl (1.3.3)
    faraday (0.5.7)
      addressable (~> 2.2.4)
      multipart-post (~> 1.1.0)
      rack (>= 1.1.0, < 2)
    ffi (0.6.3)
      rake (>= 0.8.7)
    filters_spam (0.3)
    gherkin (2.3.4)
      json (~> 1.4.6)
    git (1.2.5)
    haml (3.0.25)
    haml-rails (0.3.4)
      actionpack (~> 3.0)
      activesupport (~> 3.0)
      haml (~> 3.0)
      railties (~> 3.0)
    i18n (0.5.0)
    jeweler (1.5.2)
      bundler (~> 1.0.0)
      git (>= 1.2.5)
      rake
    json (1.4.6)
    json_pure (1.5.1)
    launchy (0.4.0)
      configuration (>= 0.0.5)
      rake (>= 0.8.1)
    linecache19 (0.5.11)
      ruby_core_source (>= 0.1.4)
    mail (2.2.15)
      activesupport (>= 2.3.6)
      i18n (>= 0.4.0)
      mime-types (~> 1.16)
      treetop (~> 1.4.8)
    mime-types (1.16)
    mongo (1.2.4)
      bson (>= 1.2.4)
    mongoid_slug (0.6.4)
      mongoid (~> 2.0.0.rc.7)
      stringex (~> 1.2.0)
    multi_json (0.0.5)
    multipart-post (1.1.0)
    mynyml-redgreen (0.7.1)
      term-ansicolor (>= 1.0.4)
    net-ldap (0.1.1)
    nokogiri (1.4.4)
    oauth (0.4.4)
    oauth2 (0.1.1)
      faraday (~> 0.5.0)
      multi_json (~> 0.0.4)
    orm_adapter (0.0.4)
    polyglot (0.3.1)
    pyu-ruby-sasl (0.0.3.2)
    rack (1.2.1)
    rack-cache (1.0)
      rack (>= 0.4)
    rack-mount (0.6.13)
      rack (>= 1.0.0)
    rack-openid (1.2.0)
      rack (>= 1.1.0)
      ruby-openid (>= 2.1.8)
    rack-test (0.5.7)
      rack (>= 1.0)
    rails (3.0.5)
      actionmailer (= 3.0.5)
      actionpack (= 3.0.5)
      activerecord (= 3.0.5)
      activeresource (= 3.0.5)
      activesupport (= 3.0.5)
      bundler (~> 1.0)
      railties (= 3.0.5)
    railties (3.0.5)
      actionpack (= 3.0.5)
      activesupport (= 3.0.5)
      rake (>= 0.8.7)
      thor (~> 0.14.4)
    rake (0.8.7)
    rcov (0.9.9)
    rdoc (3.5.3)
    rest-client (1.6.1)
      mime-types (>= 1.16)
    rspec (2.5.0)
      rspec-core (~> 2.5.0)
      rspec-expectations (~> 2.5.0)
      rspec-mocks (~> 2.5.0)
    rspec-core (2.5.1)
    rspec-expectations (2.5.0)
      diff-lcs (~> 1.1.2)
    rspec-mocks (2.5.0)
    rspec-rails (2.5.0)
      actionpack (~> 3.0)
      activesupport (~> 3.0)
      railties (~> 3.0)
      rspec (~> 2.5.0)
    ruby-debug-base19 (0.11.24)
      columnize (>= 0.3.1)
      linecache19 (>= 0.5.11)
      ruby_core_source (>= 0.1.4)
    ruby-debug19 (0.11.6)
      columnize (>= 0.3.1)
      linecache19 (>= 0.5.11)
      ruby-debug-base19 (>= 0.11.19)
    ruby-openid (2.1.8)
    ruby-openid-apps-discovery (1.2.0)
      ruby-openid (>= 2.1.7)
    ruby_core_source (0.1.4)
      archive-tar-minitar (>= 0.5.2)
    rubyntlm (0.1.1)
    rubyzip (0.9.4)
    selenium-webdriver (0.1.3)
      childprocess (~> 0.1.5)
      ffi (~> 0.6.3)
      json_pure
      rubyzip
    show_for (0.2.4)
    spork (0.9.0.rc4)
    stringex (1.2.0)
    term-ansicolor (1.0.5)
    thor (0.14.6)
    treetop (1.4.9)
      polyglot (>= 0.3.1)
    truncate_html (0.5.0)
    tzinfo (0.3.24)
    warden (1.0.3)
      rack (>= 1.0.0)
    will_paginate (3.0.pre2)
    xpath (0.1.3)
      nokogiri (~> 1.3)

PLATFORMS
  ruby

DEPENDENCIES
  aruba
  bson_ext (>= 1.2.1)
  bundler (>= 1.0.0)
  capybara!
  cucumber
  devise!
  jeweler (>= 1.5.2)
  mongoid!
  mongoid-rspec!
  mongoid_nested_set!
  mongoid_search!
  mongoid_slug
  mynyml-redgreen
  oa-oauth
  oa-openid
  omniauth!
  rcov
  refinerycms!
  refinerycms-authentication!
  refinerycms-base!
  refinerycms-blog!
  refinerycms-core!
  refinerycms-dashboard!
  refinerycms-generators!
  refinerycms-images!
  refinerycms-pages!
  refinerycms-resources!
  refinerycms-settings!
  refinerycms-testing!
  rspec (>= 2.0.0)
  ruby-debug19
