GIT
  remote: git://github.com/activefx/mongoid_nested_set.git
  revision: ad7174760e4e0ac9e0c76b6fc14f9bb43e475eb6
  specs:
    mongoid_nested_set (0.1.2)
      mongoid (~> 2.1)

GIT
  remote: git://github.com/evansagge/mongoid-rspec.git
  revision: 3d90785c7410169551db12a7a56e704274506a9f
  specs:
    mongoid-rspec (1.4.4)
      mongoid (~> 2.0)
      rake (~> 0.9.2)
      rspec (~> 2)

GIT
  remote: git://github.com/intridea/omniauth.git
  revision: c6e8f8af0c79a4212061b3e0d1ba2023f505acb4
  specs:
    oa-basic (0.3.0.rc1)
      oa-core (= 0.3.0.rc1)
      rest-client (~> 1.6.0)
    oa-core (0.3.0.rc1)
    oa-enterprise (0.3.0.rc1)
      addressable (~> 2.2.6)
      net-ldap (~> 0.2.2)
      nokogiri (~> 1.5.0)
      oa-core (= 0.3.0.rc1)
      pyu-ruby-sasl (~> 0.0.3.1)
      rubyntlm (~> 0.1.1)
    oa-more (0.3.0.rc1)
      multi_json (~> 1.0.0)
      oa-core (= 0.3.0.rc1)
      rest-client (~> 1.6.0)
    oa-oauth (0.3.0.rc1)
      faraday (~> 0.7.3)
      multi_json (~> 1.0.0)
      multi_xml (~> 0.2.2)
      oa-core (= 0.3.0.rc1)
      oauth (~> 0.4.0)
      oauth2 (~> 0.5.0)
    oa-openid (0.3.0.rc1)
      oa-core (= 0.3.0.rc1)
      rack-openid (~> 1.3.1)
      ruby-openid-apps-discovery (~> 1.2.0)
    omniauth (0.3.0.rc1)
      oa-basic (= 0.3.0.rc1)
      oa-core (= 0.3.0.rc1)
      oa-enterprise (= 0.3.0.rc1)
      oa-more (= 0.3.0.rc1)
      oa-oauth (= 0.3.0.rc1)
      oa-openid (= 0.3.0.rc1)

GIT
  remote: git://github.com/jnicklas/capybara.git
  revision: 9dfe35b43976aeb2e5faae9f9907caffcfd7f3bd
  specs:
    capybara (1.0.0)
      mime-types (>= 1.16)
      nokogiri (>= 1.3.3)
      rack (>= 1.0.0)
      rack-test (>= 0.5.4)
      selenium-webdriver (~> 2.0)
      xpath (~> 0.1.4)

GIT
  remote: git://github.com/mauriciozaffari/mongoid_search.git
  revision: cf7914eaffecd88d53a2252d436510231dcea27e
  specs:
    mongoid_search (0.2.7)
      bson_ext (>= 1.2)
      fast-stemmer (~> 1.0.0)
      mongoid (>= 2.0.0)

GIT
  remote: git://github.com/mongoid/mongoid.git
  revision: 8c09849ca7a7659e61b5c4ed1feafc6c7f50493e
  specs:
    mongoid (2.1.8)
      activemodel (~> 3.0)
      mongo (~> 1.3)
      tzinfo (~> 0.3.22)

PATH
  remote: .
  specs:
    refinerycms (1.0.4)
      bundler (~> 1.0.10)
      rails (~> 3.0.7.rc2)
      refinerycms-authentication (= 1.0.4)
      refinerycms-base (= 1.0.4)
      refinerycms-core (= 1.0.4)
      refinerycms-dashboard (= 1.0.4)
      refinerycms-images (= 1.0.4)
      refinerycms-pages (= 1.0.4)
      refinerycms-resources (= 1.0.4)
      refinerycms-settings (= 1.0.4)
      thor

PATH
  remote: authentication
  specs:
    refinerycms-authentication (1.0.4)
      devise (~> 1.3.0)
      oa-oauth
      omniauth
      refinerycms-core (~> 1.0.4)

PATH
  remote: base
  specs:
    refinerycms-base (1.0.4)

PATH
  remote: core
  specs:
    refinerycms-core (1.0.4)
      app (>= 1.0.3)
      dragonfly (~> 0.9.0)
      haml (>= 3.0.25)
      haml-rails (>= 0.3.4)
      mongoid (~> 2.1.8)
      mongoid_nested_set (~> 0.1.2)
      mongoid_search (~> 0.2.7)
      mongoid_slug (~> 0.8.2)
      rails (~> 3.0.10)
      refinerycms-base (~> 1.0.4)
      refinerycms-generators (~> 1.0)
      refinerycms-settings (~> 1.0.4)
      show_for (>= 0.2.4)
      truncate_html (~> 0.5)
      will_paginate (= 3.0.pre2)

PATH
  remote: dashboard
  specs:
    refinerycms-dashboard (1.0.4)
      refinerycms-core (= 1.0.4)

PATH
  remote: images
  specs:
    refinerycms-images (1.0.4)
      dragonfly (~> 0.9.0)
      rack-cache (>= 0.5.3)
      refinerycms-core (= 1.0.4)

PATH
  remote: pages
  specs:
    refinerycms-pages (1.0.4)
      mongoid_nested_set (~> 0.1.2)
      mongoid_slug (~> 0.8.2)
      refinerycms-core (= 1.0.4)
      seo_meta (~> 1.1)

PATH
  remote: resources
  specs:
    refinerycms-resources (1.0.4)
      dragonfly (~> 0.9.0)
      rack-cache (>= 0.5.3)
      refinerycms-core (= 1.0.4)

PATH
  remote: settings
  specs:
    refinerycms-settings (1.0.4)
      refinerycms-base (= 1.0.4)

PATH
  remote: testing
  specs:
    refinerycms-testing (1.0.4)
      ZenTest
      autotest
      autotest-notification
      autotest-rails-pure
      capybara (~> 1.0.0)
      cucumber-rails (~> 1.0.0)
      database_cleaner
      factory_girl
      fuubar
      json_pure
      launchy
      mongoid-rspec (~> 1.4.4)
      mynyml-redgreen
      rack-test (>= 0.5.6)
      refinerycms-core (= 1.0.4)
      rspec-instafail
      rspec-rails (~> 2.6)
      spork (>= 0.9.0.rc)

GEM
  remote: http://rubygems.org/
  specs:
    ZenTest (4.6.1)
    abstract (1.0.0)
    actionmailer (3.0.10)
      actionpack (= 3.0.10)
      mail (~> 2.2.19)
    actionpack (3.0.10)
      activemodel (= 3.0.10)
      activesupport (= 3.0.10)
      builder (~> 2.1.2)
      erubis (~> 2.6.6)
      i18n (~> 0.5.0)
      rack (~> 1.2.1)
      rack-mount (~> 0.6.14)
      rack-test (~> 0.5.7)
      tzinfo (~> 0.3.23)
    activemodel (3.0.10)
      activesupport (= 3.0.10)
      builder (~> 2.1.2)
      i18n (~> 0.5.0)
    activerecord (3.0.10)
      activemodel (= 3.0.10)
      activesupport (= 3.0.10)
      arel (~> 2.0.10)
      tzinfo (~> 0.3.23)
    activeresource (3.0.10)
      activemodel (= 3.0.10)
      activesupport (= 3.0.10)
    activesupport (3.0.10)
    addressable (2.2.6)
    app (1.0.3)
    archive-tar-minitar (0.5.2)
    arel (2.0.10)
    aruba (0.4.6)
      bcat (>= 0.6.1)
      childprocess (>= 0.2.0)
      cucumber (>= 1.0.2)
      rdiscount (>= 1.6.8)
      rspec (>= 2.6.0)
    autotest (4.4.6)
      ZenTest (>= 4.4.1)
    autotest-notification (2.3.3)
      autotest-standalone (~> 4.5)
    autotest-rails-pure (4.1.2)
    autotest-standalone (4.5.5)
    bcat (0.6.1)
      rack (~> 1.0)
    bcrypt-ruby (2.1.4)
    bson (1.3.1)
    bson_ext (1.3.1)
    builder (2.1.2)
    childprocess (0.2.1)
      ffi (~> 1.0.6)
    columnize (0.3.4)
    cucumber (1.0.2)
      builder (>= 2.1.2)
      diff-lcs (>= 1.1.2)
      gherkin (~> 2.4.5)
      json (>= 1.4.6)
      term-ansicolor (>= 1.0.5)
    cucumber-rails (1.0.2)
      capybara (>= 1.0.0)
      cucumber (~> 1.0.0)
      nokogiri (>= 1.4.6)
    database_cleaner (0.6.7)
    devise (1.3.4)
      bcrypt-ruby (~> 2.1.2)
      orm_adapter (~> 0.0.3)
      warden (~> 1.0.3)
    diff-lcs (1.1.2)
    dragonfly (0.9.5)
      rack
    erubis (2.6.6)
      abstract (>= 1.0.0)
    factory_girl (2.0.4)
    faraday (0.7.4)
      addressable (~> 2.2.6)
      multipart-post (~> 1.1.0)
      rack (>= 1.1.0, < 2)
    fast-stemmer (1.0.0)
    ffi (1.0.9)
    fuubar (0.0.6)
      rspec (~> 2.0)
      rspec-instafail (~> 0.1.8)
      ruby-progressbar (~> 0.0.10)
    gherkin (2.4.14)
      json (>= 1.4.6)
    git (1.2.5)
    haml (3.1.2)
    haml-rails (0.3.4)
      actionpack (~> 3.0)
      activesupport (~> 3.0)
      haml (~> 3.0)
      railties (~> 3.0)
    i18n (0.5.0)
    jeweler (1.6.4)
      bundler (~> 1.0)
      git (>= 1.2.5)
      rake
    json (1.5.3)
    json_pure (1.5.3)
    launchy (2.0.5)
      addressable (~> 2.2.6)
    linecache19 (0.5.12)
      ruby_core_source (>= 0.1.4)
    mail (2.2.19)
      activesupport (>= 2.3.6)
      i18n (>= 0.4.0)
      mime-types (~> 1.16)
      treetop (~> 1.4.8)
    mime-types (1.16)
    mongo (1.3.1)
      bson (>= 1.3.1)
    mongoid_slug (0.8.3)
      mongoid (~> 2.0)
      stringex (~> 1.3)
    multi_json (1.0.3)
    multi_xml (0.2.2)
    multipart-post (1.1.3)
    mynyml-redgreen (0.7.1)
      term-ansicolor (>= 1.0.4)
    mysql2 (0.2.13)
    net-ldap (0.2.2)
    nokogiri (1.5.0)
    oauth (0.4.5)
    oauth2 (0.5.0)
      faraday (>= 0.6.1, < 0.8)
      multi_json (~> 1.0.0)
    orm_adapter (0.0.5)
    polyglot (0.3.2)
    pyu-ruby-sasl (0.0.3.3)
    rack (1.2.3)
    rack-cache (1.0.2)
      rack (>= 0.4)
    rack-mount (0.6.14)
      rack (>= 1.0.0)
    rack-openid (1.3.1)
      rack (>= 1.1.0)
      ruby-openid (>= 2.1.8)
    rack-test (0.5.7)
      rack (>= 1.0)
    rails (3.0.10)
      actionmailer (= 3.0.10)
      actionpack (= 3.0.10)
      activerecord (= 3.0.10)
      activeresource (= 3.0.10)
      activesupport (= 3.0.10)
      bundler (~> 1.0)
      railties (= 3.0.10)
    railties (3.0.10)
      actionpack (= 3.0.10)
      activesupport (= 3.0.10)
      rake (>= 0.8.7)
      rdoc (~> 3.4)
      thor (~> 0.14.4)
    rake (0.9.2)
    rcov (0.9.10)
    rdiscount (1.6.8)
    rdoc (3.9.2)
    refinerycms-generators (1.0.3)
    rest-client (1.6.3)
      mime-types (>= 1.16)
    rspec (2.6.0)
      rspec-core (~> 2.6.0)
      rspec-expectations (~> 2.6.0)
      rspec-mocks (~> 2.6.0)
    rspec-core (2.6.4)
    rspec-expectations (2.6.0)
      diff-lcs (~> 1.1.2)
    rspec-instafail (0.1.8)
    rspec-mocks (2.6.0)
    rspec-rails (2.6.1)
      actionpack (~> 3.0)
      activesupport (~> 3.0)
      railties (~> 3.0)
      rspec (~> 2.6.0)
    ruby-debug-base19 (0.11.25)
      columnize (>= 0.3.1)
      linecache19 (>= 0.5.11)
      ruby_core_source (>= 0.1.4)
    ruby-debug19 (0.11.6)
      columnize (>= 0.3.1)
      linecache19 (>= 0.5.11)
      ruby-debug-base19 (>= 0.11.19)
    ruby-openid (2.1.8)
    ruby-openid-apps-discovery (1.2.0)
      ruby-openid (>= 2.1.7)
    ruby-progressbar (0.0.10)
    ruby_core_source (0.1.5)
      archive-tar-minitar (>= 0.5.2)
    rubyntlm (0.1.1)
    rubyzip (0.9.4)
    selenium-webdriver (2.4.0)
      childprocess (>= 0.2.1)
      ffi (>= 1.0.7)
      json_pure
      rubyzip
    seo_meta (1.1.1)
      refinerycms-generators (~> 1.0.1)
    show_for (0.2.4)
    simplecov (0.4.2)
      simplecov-html (~> 0.4.4)
    simplecov-html (0.4.5)
    spork (0.9.0.rc9)
    sqlite3 (1.3.4)
    stringex (1.3.0)
    term-ansicolor (1.0.6)
    thor (0.14.6)
    treetop (1.4.10)
      polyglot
      polyglot (>= 0.3.1)
    truncate_html (0.5.1)
    tzinfo (0.3.29)
    warden (1.0.5)
      rack (>= 1.0)
    will_paginate (3.0.pre2)
    xpath (0.1.4)
      nokogiri (~> 1.3)

PLATFORMS
  ruby

DEPENDENCIES
  aruba
  bson_ext (>= 1.3)
  bundler (>= 1.0.0)
  capybara!
  cucumber
  devise (~> 1.3.0)
  jeweler (>= 1.5.2)
  mongoid (>= 2.1.8)!
  mongoid-rspec!
  mongoid_nested_set!
  mongoid_search!
  mongoid_slug
  mynyml-redgreen
  mysql2 (~> 0.2.7)
  oa-oauth
  oa-openid
  omniauth!
  rcov
  refinerycms!
  refinerycms-authentication (~> 1.0.4)!
  refinerycms-base (~> 1.0.4)!
  refinerycms-core (~> 1.0.4)!
  refinerycms-dashboard (~> 1.0.4)!
  refinerycms-images (~> 1.0.4)!
  refinerycms-pages (~> 1.0.4)!
  refinerycms-resources (~> 1.0.4)!
  refinerycms-settings (~> 1.0.4)!
  refinerycms-testing (~> 1.0.4)!
  rspec (>= 2.0.0)
  ruby-debug19
  simplecov
  sqlite3
