GIT
  remote: git://github.com/activefx/mongoid_nested_set.git
  revision: f8bc134d5791e11d63e03e40cd75a0c32a32d411
  specs:
    mongoid_nested_set (0.1.2)
      mongoid (>= 2.0.0.beta.20)

GIT
  remote: git://github.com/evansagge/mongoid-rspec.git
  revision: 3d90785c7410169551db12a7a56e704274506a9f
  specs:
    mongoid-rspec (1.4.4)
      mongoid (~> 2.0)
      rake (~> 0.9.2)
      rspec (~> 2)

GIT
  remote: git://github.com/mauriciozaffari/mongoid_search.git
  revision: cf7914eaffecd88d53a2252d436510231dcea27e
  specs:
    mongoid_search (0.2.7)
      bson_ext (>= 1.2)
      fast-stemmer (~> 1.0.0)
      mongoid (>= 2.0.0)

GIT
  remote: git://github.com/mongoid/mongoid.git
  revision: 92d5854d5ab4e067ba6c3ef41195213fac0aa17f
  specs:
    mongoid (2.1.8)
      activemodel (~> 3.0)
      mongo (~> 1.3)
      tzinfo (~> 0.3.22)

PATH
  remote: .
  specs:
    refinerycms (1.0.4)
      bundler (~> 1.0)
      refinerycms-authentication (= 1.0.4)
      refinerycms-base (= 1.0.4)
      refinerycms-core (= 1.0.4)
      refinerycms-dashboard (= 1.0.4)
      refinerycms-images (= 1.0.4)
      refinerycms-pages (= 1.0.4)
      refinerycms-resources (= 1.0.4)
      refinerycms-settings (= 1.0.4)
    refinerycms-authentication (1.0.4)
      devise (~> 1.3.0)
      refinerycms-core (~> 1.0.4)
    refinerycms-base (1.0.4)
    refinerycms-core (1.0.4)
      dragonfly (~> 0.9.0)
      mongoid (~> 2.1.8)
      mongoid_nested_set (~> 0.1.2)
      mongoid_search (~> 0.2.7)
      mongoid_slug (~> 0.8.2)
      rails (~> 3.0.10)
      refinerycms-base (~> 1.0.4)
      refinerycms-generators (~> 1.0)
      refinerycms-settings (~> 1.0.4)
      truncate_html (~> 0.5)
      will_paginate (= 3.0.pre2)
    refinerycms-dashboard (1.0.4)
      refinerycms-core (= 1.0.4)
    refinerycms-images (1.0.4)
      dragonfly (~> 0.9.0)
      rack-cache (>= 0.5.3)
      refinerycms-core (= 1.0.4)
    refinerycms-pages (1.0.4)
      mongoid_nested_set (~> 0.1.2)
      mongoid_slug (~> 0.8.2)
      refinerycms-core (= 1.0.4)
      seo_meta (~> 1.1)
    refinerycms-resources (1.0.4)
      dragonfly (~> 0.9.0)
      rack-cache (>= 0.5.3)
      refinerycms-core (= 1.0.4)
    refinerycms-settings (1.0.4)
      refinerycms-base (= 1.0.4)
    refinerycms-testing (1.0.4)
      autotest
      autotest-notification
      autotest-rails
      capybara (~> 1.0.0)
      cucumber-rails (~> 1.0.0)
      database_cleaner
      factory_girl
      fuubar
      json_pure
      launchy
      mongoid-rspec (~> 1.4.4)
      rack-test (>= 0.5.6)
      refinerycms-core (= 1.0.4)
      rspec-instafail
      rspec-rails (~> 2.6)

GEM
  remote: http://rubygems.org/
  specs:
    ZenTest (4.6.1)
    abstract (1.0.0)
    actionmailer (3.0.10)
      actionpack (= 3.0.10)
      mail (~> 2.2.19)
    actionpack (3.0.10)
      activemodel (= 3.0.10)
      activesupport (= 3.0.10)
      builder (~> 2.1.2)
      erubis (~> 2.6.6)
      i18n (~> 0.5.0)
      rack (~> 1.2.1)
      rack-mount (~> 0.6.14)
      rack-test (~> 0.5.7)
      tzinfo (~> 0.3.23)
    activemodel (3.0.10)
      activesupport (= 3.0.10)
      builder (~> 2.1.2)
      i18n (~> 0.5.0)
    activerecord (3.0.10)
      activemodel (= 3.0.10)
      activesupport (= 3.0.10)
      arel (~> 2.0.10)
      tzinfo (~> 0.3.23)
    activeresource (3.0.10)
      activemodel (= 3.0.10)
      activesupport (= 3.0.10)
    activesupport (3.0.10)
    addressable (2.2.6)
    archive-tar-minitar (0.5.2)
    arel (2.0.10)
    autotest (4.4.6)
      ZenTest (>= 4.4.1)
    autotest-notification (2.3.3)
      autotest-standalone (~> 4.5)
    autotest-rails (4.1.0)
      ZenTest
    autotest-standalone (4.5.5)
    bcrypt-ruby (2.1.4)
    bson (1.3.1)
    bson_ext (1.3.1)
    builder (2.1.2)
    capybara (1.0.1)
      mime-types (>= 1.16)
      nokogiri (>= 1.3.3)
      rack (>= 1.0.0)
      rack-test (>= 0.5.4)
      selenium-webdriver (~> 2.0)
      xpath (~> 0.1.4)
    childprocess (0.2.1)
      ffi (~> 1.0.6)
    columnize (0.3.4)
    cucumber (1.0.2)
      builder (>= 2.1.2)
      diff-lcs (>= 1.1.2)
      gherkin (~> 2.4.5)
      json (>= 1.4.6)
      term-ansicolor (>= 1.0.5)
    cucumber-rails (1.0.2)
      capybara (>= 1.0.0)
      cucumber (~> 1.0.0)
      nokogiri (>= 1.4.6)
    database_cleaner (0.6.7)
    devise (1.3.4)
      bcrypt-ruby (~> 2.1.2)
      orm_adapter (~> 0.0.3)
      warden (~> 1.0.3)
    diff-lcs (1.1.2)
    dragonfly (0.9.5)
      rack
    erubis (2.6.6)
      abstract (>= 1.0.0)
    factory_girl (2.0.4)
    fast-stemmer (1.0.0)
    ffi (1.0.9)
    fuubar (0.0.6)
      rspec (~> 2.0)
      rspec-instafail (~> 0.1.8)
      ruby-progressbar (~> 0.0.10)
    gherkin (2.4.11)
      json (>= 1.4.6)
    i18n (0.5.0)
    json (1.5.3)
    json_pure (1.5.3)
    launchy (2.0.5)
      addressable (~> 2.2.6)
    linecache19 (0.5.12)
      ruby_core_source (>= 0.1.4)
    mail (2.2.19)
      activesupport (>= 2.3.6)
      i18n (>= 0.4.0)
      mime-types (~> 1.16)
      treetop (~> 1.4.8)
    mime-types (1.16)
    mongo (1.3.1)
      bson (>= 1.3.1)
    mongoid_slug (0.8.2)
      mongoid (~> 2.0)
      stringex (~> 1.2)
    mysql2 (0.2.13)
    nokogiri (1.5.0)
    orm_adapter (0.0.5)
    polyglot (0.3.2)
    rack (1.2.3)
    rack-cache (1.0.2)
      rack (>= 0.4)
    rack-mount (0.6.14)
      rack (>= 1.0.0)
    rack-test (0.5.7)
      rack (>= 1.0)
    rails (3.0.10)
      actionmailer (= 3.0.10)
      actionpack (= 3.0.10)
      activerecord (= 3.0.10)
      activeresource (= 3.0.10)
      activesupport (= 3.0.10)
      bundler (~> 1.0)
      railties (= 3.0.10)
    railties (3.0.10)
      actionpack (= 3.0.10)
      activesupport (= 3.0.10)
      rake (>= 0.8.7)
      rdoc (~> 3.4)
      thor (~> 0.14.4)
    rake (0.9.2)
    rcov (0.9.10)
    rdoc (3.9.2)
    refinerycms-generators (1.0.3)
    rspec (2.6.0)
      rspec-core (~> 2.6.0)
      rspec-expectations (~> 2.6.0)
      rspec-mocks (~> 2.6.0)
    rspec-core (2.6.4)
    rspec-expectations (2.6.0)
      diff-lcs (~> 1.1.2)
    rspec-instafail (0.1.8)
    rspec-mocks (2.6.0)
    rspec-rails (2.6.1)
      actionpack (~> 3.0)
      activesupport (~> 3.0)
      railties (~> 3.0)
      rspec (~> 2.6.0)
    ruby-debug-base19 (0.11.25)
      columnize (>= 0.3.1)
      linecache19 (>= 0.5.11)
      ruby_core_source (>= 0.1.4)
    ruby-debug19 (0.11.6)
      columnize (>= 0.3.1)
      linecache19 (>= 0.5.11)
      ruby-debug-base19 (>= 0.11.19)
    ruby-progressbar (0.0.10)
    ruby_core_source (0.1.5)
      archive-tar-minitar (>= 0.5.2)
    rubyzip (0.9.4)
    selenium-webdriver (2.4.0)
      childprocess (>= 0.2.1)
      ffi (>= 1.0.7)
      json_pure
      rubyzip
    seo_meta (1.1.1)
      refinerycms-generators (~> 1.0.1)
    simplecov (0.4.2)
      simplecov-html (~> 0.4.4)
    simplecov-html (0.4.5)
    sqlite3 (1.3.4)
    stringex (1.3.0)
    term-ansicolor (1.0.6)
    thor (0.14.6)
    treetop (1.4.10)
      polyglot
      polyglot (>= 0.3.1)
    truncate_html (0.5.1)
    tzinfo (0.3.29)
    warden (1.0.5)
      rack (>= 1.0)
    will_paginate (3.0.pre2)
    xpath (0.1.4)
      nokogiri (~> 1.3)

PLATFORMS
  ruby

DEPENDENCIES
  bson_ext (>= 1.3)
  devise (~> 1.3.0)
  mongoid (>= 2.1.8)!
  mongoid-rspec!
  mongoid_nested_set!
  mongoid_search!
  mongoid_slug
  mysql2 (~> 0.2.7)
  rcov
  refinerycms!
  refinerycms-testing (~> 1.0.4)
  ruby-debug19
  simplecov
  sqlite3
