GIT
  remote: git://github.com/activefx/mongoid_nested_set.git
  revision: f8bc134d5791e11d63e03e40cd75a0c32a32d411
  specs:
    mongoid_nested_set (0.1.2)
      mongoid (>= 2.0.0.beta.20)

GIT
  remote: git://github.com/activefx/mongoid_search_relevant.git
  revision: d9fed60e5698cf6f3d3e75f9f41a53412a9c43ba
  specs:
    mongoid_search (0.1.2)
      mongoid (~> 2.0.0.beta)

GIT
  remote: git://github.com/durran/mongoid-rspec.git
  revision: d08cde221fd07e5c4cb8ee3b5ad71c1ecc305236
  specs:
    mongoid-rspec (1.3.2)
      mongoid (~> 2.0.0.rc.7)
      mongoid-rspec
      rspec (~> 2)

GIT
  remote: git://github.com/mongoid/mongoid.git
  revision: 0ae12cabb128b2771605c9acb9ddb77ceaefc840
  specs:
    mongoid (2.0.0.rc.7)
      activemodel (~> 3.0)
      mongo (~> 1.2)
      tzinfo (~> 0.3.22)
      will_paginate (~> 3.0.pre)

PATH
  remote: .
  specs:
    refinerycms (0.9.9.3)
      bundler (~> 1.0.10)
      refinerycms-authentication (~> 0.9.9.3)
      refinerycms-base (~> 0.9.9.3)
      refinerycms-core (~> 0.9.9.3)
      refinerycms-dashboard (~> 0.9.9.3)
      refinerycms-images (~> 0.9.9.3)
      refinerycms-pages (~> 0.9.9.3)
      refinerycms-resources (~> 0.9.9.3)
      refinerycms-settings (~> 0.9.9.3)
    refinerycms-authentication (0.9.9.3)
      devise (~> 1.1.7)
      refinerycms-core (~> 0.9.9.3)
    refinerycms-base (0.9.9.3)
    refinerycms-core (0.9.9.3)
      dragonfly (~> 0.8.2)
      mongoid (~> 2.0.0.rc.7)
      mongoid_nested_set (~> 0.1.2)
      mongoid_search (~> 0.1.2)
      mongoid_slug (~> 0.6.3)
      rails (~> 3.0.3)
      rdoc (>= 2.5.11)
      refinerycms-base (~> 0.9.9.3)
      refinerycms-generators (~> 0.9.9.3)
      refinerycms-settings (~> 0.9.9.3)
      truncate_html (~> 0.5)
      will_paginate (~> 3.0.pre)
    refinerycms-dashboard (0.9.9.3)
      refinerycms-core (~> 0.9.9.3)
    refinerycms-images (0.9.9.3)
      dragonfly (~> 0.8.2)
      rack-cache (>= 0.5.3)
      refinerycms-core (~> 0.9.9.3)
    refinerycms-pages (0.9.9.3)
      refinerycms-core (~> 0.9.9.3)
    refinerycms-resources (0.9.9.3)
      dragonfly (~> 0.8.2)
      rack-cache (>= 0.5.3)
      refinerycms-core (~> 0.9.9.3)
    refinerycms-settings (0.9.9.3)
      refinerycms-base (~> 0.9.9.3)
    refinerycms-testing (0.9.9.3)
      autotest
      autotest-notification
      autotest-rails
      capybara (>= 0.4.1.1)
      cucumber
      cucumber-rails
      database_cleaner
      factory_girl
      gherkin
      json_pure
      launchy
      mongoid-rspec (~> 1.3.2)
      rack-test (~> 0.5.6)
      refinerycms-core (~> 0.9.9.3)
      rspec-rails (~> 2.5)

GEM
  remote: http://rubygems.org/
  specs:
    ZenTest (4.4.2)
    abstract (1.0.0)
    actionmailer (3.0.4)
      actionpack (= 3.0.4)
      mail (~> 2.2.15)
    actionpack (3.0.4)
      activemodel (= 3.0.4)
      activesupport (= 3.0.4)
      builder (~> 2.1.2)
      erubis (~> 2.6.6)
      i18n (~> 0.4)
      rack (~> 1.2.1)
      rack-mount (~> 0.6.13)
      rack-test (~> 0.5.7)
      tzinfo (~> 0.3.23)
    activemodel (3.0.4)
      activesupport (= 3.0.4)
      builder (~> 2.1.2)
      i18n (~> 0.4)
    activerecord (3.0.4)
      activemodel (= 3.0.4)
      activesupport (= 3.0.4)
      arel (~> 2.0.2)
      tzinfo (~> 0.3.23)
    activeresource (3.0.4)
      activemodel (= 3.0.4)
      activesupport (= 3.0.4)
    activesupport (3.0.4)
    archive-tar-minitar (0.5.2)
    arel (2.0.8)
    autotest (4.4.6)
      ZenTest (>= 4.4.1)
    autotest-notification (2.3.1)
      autotest (~> 4.3)
    autotest-rails (4.1.0)
      ZenTest
    bcrypt-ruby (2.1.4)
    bson (1.2.2)
    bson_ext (1.2.2)
    builder (2.1.2)
    capybara (0.4.1.2)
      celerity (>= 0.7.9)
      culerity (>= 0.2.4)
      mime-types (>= 1.16)
      nokogiri (>= 1.3.3)
      rack (>= 1.0.0)
      rack-test (>= 0.5.4)
      selenium-webdriver (>= 0.0.27)
      xpath (~> 0.1.3)
    celerity (0.8.8)
    childprocess (0.1.7)
      ffi (~> 0.6.3)
    columnize (0.3.2)
    configuration (1.2.0)
    cucumber (0.10.0)
      builder (>= 2.1.2)
      diff-lcs (~> 1.1.2)
      gherkin (~> 2.3.2)
      json (~> 1.4.6)
      term-ansicolor (~> 1.0.5)
    cucumber-rails (0.3.2)
      cucumber (>= 0.8.0)
    culerity (0.2.15)
    database_cleaner (0.6.3)
    devise (1.1.7)
      bcrypt-ruby (~> 2.1.2)
      warden (~> 1.0.2)
    diff-lcs (1.1.2)
    dragonfly (0.8.2)
      rack
    erubis (2.6.6)
      abstract (>= 1.0.0)
    factory_girl (1.3.3)
    ffi (0.6.3)
      rake (>= 0.8.7)
    gherkin (2.3.3)
      json (~> 1.4.6)
    i18n (0.5.0)
    json (1.4.6)
    json_pure (1.5.1)
    launchy (0.3.7)
      configuration (>= 0.0.5)
      rake (>= 0.8.1)
    linecache19 (0.5.11)
      ruby_core_source (>= 0.1.4)
    mail (2.2.15)
      activesupport (>= 2.3.6)
      i18n (>= 0.4.0)
      mime-types (~> 1.16)
      treetop (~> 1.4.8)
    mime-types (1.16)
    mongo (1.2.2)
      bson (>= 1.2.2)
    mongoid_slug (0.6.3)
      mongoid (~> 2.0.0.rc.7)
      stringex (~> 1.2.0)
    nokogiri (1.4.4)
    polyglot (0.3.1)
    rack (1.2.1)
    rack-cache (1.0)
      rack (>= 0.4)
    rack-mount (0.6.13)
      rack (>= 1.0.0)
    rack-test (0.5.7)
      rack (>= 1.0)
    rails (3.0.4)
      actionmailer (= 3.0.4)
      actionpack (= 3.0.4)
      activerecord (= 3.0.4)
      activeresource (= 3.0.4)
      activesupport (= 3.0.4)
      bundler (~> 1.0)
      railties (= 3.0.4)
    railties (3.0.4)
      actionpack (= 3.0.4)
      activesupport (= 3.0.4)
      rake (>= 0.8.7)
      thor (~> 0.14.4)
    rake (0.8.7)
    rdoc (3.5.3)
    refinerycms-generators (0.9.9.4)
    rspec (2.5.0)
      rspec-core (~> 2.5.0)
      rspec-expectations (~> 2.5.0)
      rspec-mocks (~> 2.5.0)
    rspec-core (2.5.1)
    rspec-expectations (2.5.0)
      diff-lcs (~> 1.1.2)
    rspec-mocks (2.5.0)
    rspec-rails (2.5.0)
      actionpack (~> 3.0)
      activesupport (~> 3.0)
      railties (~> 3.0)
      rspec (~> 2.5.0)
    ruby-debug-base19 (0.11.24)
      columnize (>= 0.3.1)
      linecache19 (>= 0.5.11)
      ruby_core_source (>= 0.1.4)
    ruby-debug19 (0.11.6)
      columnize (>= 0.3.1)
      linecache19 (>= 0.5.11)
      ruby-debug-base19 (>= 0.11.19)
    ruby_core_source (0.1.4)
      archive-tar-minitar (>= 0.5.2)
    rubyzip (0.9.4)
    selenium-webdriver (0.1.3)
      childprocess (~> 0.1.5)
      ffi (~> 0.6.3)
      json_pure
      rubyzip
    stringex (1.2.0)
    term-ansicolor (1.0.5)
    thor (0.14.6)
    treetop (1.4.9)
      polyglot (>= 0.3.1)
    truncate_html (0.5.0)
    tzinfo (0.3.24)
    warden (1.0.3)
      rack (>= 1.0.0)
    will_paginate (3.0.pre2)
    xpath (0.1.3)
      nokogiri (~> 1.3)

PLATFORMS
  ruby

DEPENDENCIES
  bson_ext (>= 1.2.1)
  devise (~> 1.1.6)
  mongoid!
  mongoid-rspec!
  mongoid_nested_set!
  mongoid_search!
  mongoid_slug
  refinerycms!
  refinerycms-testing (~> 0.9.9.1)
  ruby-debug19
